

GROUP Build
FRAMEWORK: >= NET45
NUGET
  remote: http://www.nuget.org/api/v2
    FAKE (4.32)
GITHUB
  remote: xyncro/build
    build.fsx (589ed49e68b51d7de9e9de9be1adc30e26ce534d)
GROUP Common
NUGET
  remote: http://www.nuget.org/api/v2
    Aether (8.1.2)

GROUP Hopac
NUGET
  remote: http://www.nuget.org/api/v2
    FSharp.Core (4.0.0.1)
    Hopac (0.2.1)
      FSharp.Core (>= 3.1.2.5)

GROUP Test
FRAMEWORK: >= NET45
NUGET
  remote: http://www.nuget.org/api/v2
    Unquote (3.1.1)
    xunit (2.1)
      xunit.assert (2.1)
      xunit.core (2.1)
    xunit.abstractions (2.0)
    xunit.assert (2.1)
    xunit.core (2.1)
      xunit.extensibility.core (2.1)
      xunit.extensibility.execution (2.1)
    xunit.extensibility.core (2.1)
      xunit.abstractions (2.0)
    xunit.extensibility.execution (2.1)
      xunit.extensibility.core (2.1)
    xunit.runner.console (2.1)
